GEM
  remote: https://rubygems.org/
  specs:
    mime-types (1.19)
    right_aws (3.0.4)
      right_http_connection (>= 1.2.5)
    right_http_connection (1.3.0)

PLATFORMS
  ruby

DEPENDENCIES
  mime-types
  right_aws
